GIT
  remote: https://github.com/astroband/ruby-xdr
  revision: 7c8bb5a828d3ded7c56b1b7d0f5b9ed5fbdb615b
  specs:
    xdr (3.0.0)
      activemodel (>= 5.2.0)
      activesupport (>= 5.2.0)

PATH
  remote: base
  specs:
    stellar-base (0.22.0)
      activesupport (>= 5.0.0)
      base32 (>= 0.3)
      digest-crc (>= 0.5)
      rbnacl (>= 6.0)
      xdr (~> 3.0.0)

PATH
  remote: sdk
  specs:
    stellar-sdk (0.8.0)
      activesupport (>= 5.0)
      excon (~> 0.71)
      hyperclient (~> 0.7)
      stellar-base (>= 0.22.0)
      toml-rb (~> 1.1, >= 1.1.1)

GEM
  remote: https://rubygems.org/
  specs:
    activemodel (5.2.4.3)
      activesupport (= 5.2.4.3)
    activesupport (5.2.4.3)
      concurrent-ruby (~> 1.0, >= 1.0.2)
      i18n (>= 0.7, < 2)
      minitest (~> 5.1)
      tzinfo (~> 1.1)
    addressable (2.7.0)
      public_suffix (>= 2.0.2, < 5.0)
    ast (2.4.0)
    base32 (0.3.2)
    citrus (3.0.2)
    coderay (1.1.2)
    concurrent-ruby (1.1.6)
    crack (0.4.3)
      safe_yaml (~> 1.0.0)
    diff-lcs (1.3)
    digest-crc (0.5.1)
    docile (1.3.2)
    excon (0.73.0)
    faraday (0.16.2)
      multipart-post (>= 1.2, < 3)
    faraday-digestauth (0.3.0)
      faraday (~> 0.7)
      net-http-digest_auth (~> 1.4)
    faraday_hal_middleware (0.1.1)
      faraday_middleware (>= 0.9)
    faraday_middleware (0.14.0)
      faraday (>= 0.7.4, < 1.0)
    ffi (1.12.2)
    formatador (0.2.5)
    guard (2.16.2)
      formatador (>= 0.2.4)
      listen (>= 2.7, < 4.0)
      lumberjack (>= 1.0.12, < 2.0)
      nenv (~> 0.1)
      notiffany (~> 0.0)
      pry (>= 0.9.12)
      shellany (~> 0.0)
      thor (>= 0.18.1)
    guard-compat (1.2.1)
    guard-rspec (4.7.3)
      guard (~> 2.1)
      guard-compat (~> 1.1)
      rspec (>= 2.99.0, < 4.0)
    hashdiff (1.0.1)
    hyperclient (0.9.1)
      addressable
      faraday (>= 0.9.0)
      faraday-digestauth
      faraday_hal_middleware
      faraday_middleware
      net-http-digest_auth
    i18n (1.8.2)
      concurrent-ruby (~> 1.0)
    jaro_winkler (1.5.4)
    listen (3.2.1)
      rb-fsevent (~> 0.10, >= 0.10.3)
      rb-inotify (~> 0.9, >= 0.9.10)
    lumberjack (1.2.4)
    memoist (0.11.0)
    method_source (1.0.0)
    minitest (5.14.1)
    multipart-post (2.1.1)
    nenv (0.3.0)
    net-http-digest_auth (1.4.1)
    netrc (0.11.0)
    notiffany (0.1.3)
      nenv (~> 0.1)
      shellany (~> 0.0)
    octokit (4.18.0)
      faraday (>= 0.9)
      sawyer (~> 0.8.0, >= 0.5.3)
    parallel (1.19.1)
    parser (2.7.1.2)
      ast (~> 2.4.0)
    polyglot (0.3.5)
    pry (0.13.1)
      coderay (~> 1.1)
      method_source (~> 1.0)
    public_suffix (4.0.5)
    rainbow (3.0.0)
    rake (12.3.3)
    rb-fsevent (0.10.4)
    rb-inotify (0.10.1)
      ffi (~> 1.0)
    rbnacl (7.1.1)
      ffi
    rexml (3.2.4)
    rspec (3.9.0)
      rspec-core (~> 3.9.0)
      rspec-expectations (~> 3.9.0)
      rspec-mocks (~> 3.9.0)
    rspec-core (3.9.2)
      rspec-support (~> 3.9.3)
    rspec-expectations (3.9.2)
      diff-lcs (>= 1.2.0, < 2.0)
      rspec-support (~> 3.9.0)
    rspec-mocks (3.9.1)
      diff-lcs (>= 1.2.0, < 2.0)
      rspec-support (~> 3.9.0)
    rspec-support (3.9.3)
    rubocop (0.82.0)
      jaro_winkler (~> 1.5.1)
      parallel (~> 1.10)
      parser (>= 2.7.0.1)
      rainbow (>= 2.2.2, < 4.0)
      rexml
      ruby-progressbar (~> 1.7)
      unicode-display_width (>= 1.4.0, < 2.0)
    rubocop-performance (1.5.2)
      rubocop (>= 0.71.0)
    rubocop-rspec (1.39.0)
      rubocop (>= 0.68.1)
    ruby-progressbar (1.10.1)
    safe_yaml (1.0.5)
    sawyer (0.8.2)
      addressable (>= 2.3.5)
      faraday (> 0.8, < 2.0)
    shellany (0.0.1)
    simplecov (0.18.5)
      docile (~> 1.1)
      simplecov-html (~> 0.11)
    simplecov-html (0.12.2)
    slop (3.6.0)
    standard (0.4.1)
      rubocop (~> 0.82.0)
      rubocop-performance (~> 1.5.2)
    thor (1.0.1)
    thread_safe (0.3.6)
    toml-rb (1.1.2)
      citrus (~> 3.0, > 3.0)
    treetop (1.5.3)
      polyglot (~> 0.3)
    tzinfo (1.2.7)
      thread_safe (~> 0.1)
    unicode-display_width (1.7.0)
    vcr (3.0.3)
    webmock (2.3.2)
      addressable (>= 2.3.6)
      crack (>= 0.3.2)
      hashdiff
    xdrgen (0.0.1)
      activesupport (~> 5)
      memoist (~> 0.11.0)
      slop (~> 3.4)
      treetop (~> 1.5.3)
    yard (0.9.25)

PLATFORMS
  ruby

DEPENDENCIES
  faraday (<= 0.16.2)
  faraday_middleware
  guard-rspec (~> 4.7)
  netrc (~> 0.11)
  octokit (~> 4.17)
  pry
  rake (~> 12.3, >= 12.3.3)
  rspec (~> 3.1)
  rubocop-rspec (~> 1.38)
  simplecov (~> 0.18)
  standard (~> 0.3)
  stellar-base!
  stellar-sdk!
  vcr (~> 3.0)
  webmock (~> 2.3)
  xdr!
  xdrgen (~> 0.0)
  yard (~> 0.9)

BUNDLED WITH
   2.1.4
