PATH
  remote: base
  specs:
    stellar-base (0.26.0)
      activesupport (>= 5.0.0, < 7.0)
      base32 (>= 0.3.0, < 1.0)
      digest-crc (>= 0.5.0, < 1.0)
      rbnacl (>= 6.0.0, < 8.0)
      xdr (>= 3.0.2, < 4.0)

PATH
  remote: sdk
  specs:
    stellar-sdk (0.26.0)
      activesupport (>= 5.0.0, < 7.0)
      excon (>= 0.71.0, < 1.0)
      hyperclient (>= 0.7.0, < 2.0)
      stellar-base (= 0.26.0)
      toml-rb (>= 1.1.1, < 3.0)

GEM
  remote: https://rubygems.org/
  specs:
    activemodel (6.0.3.4)
      activesupport (= 6.0.3.4)
    activesupport (6.0.3.4)
      concurrent-ruby (~> 1.0, >= 1.0.2)
      i18n (>= 0.7, < 2)
      minitest (~> 5.1)
      tzinfo (~> 1.1)
      zeitwerk (~> 2.2, >= 2.2.2)
    addressable (2.7.0)
      public_suffix (>= 2.0.2, < 5.0)
    amazing_print (1.2.2)
    ast (2.4.2)
    backports (3.20.2)
    base32 (0.3.4)
    break (0.21.0)
    bundler-audit (0.8.0)
      bundler (>= 1.2.0, < 3)
      thor (~> 1.0)
    citrus (3.0.2)
    codecov (0.5.1)
      simplecov (>= 0.15, < 0.22)
    coderay (1.1.3)
    concurrent-ruby (1.1.7)
    crack (0.4.5)
      rexml
    diff-lcs (1.4.4)
    digest-crc (0.6.1)
      rake (~> 13.0)
    docile (1.3.5)
    excon (0.78.0)
    faraday (1.1.0)
      multipart-post (>= 1.2, < 3)
      ruby2_keywords
    faraday-digestauth (0.4.1)
      faraday (>= 0.7)
      net-http-digest_auth (~> 1.4)
    faraday_hal_middleware (0.1.1)
      faraday_middleware (>= 0.9)
    faraday_middleware (1.0.0)
      faraday (~> 1.0)
    ffi (1.15.0)
    ffi (1.15.0-java)
    formatador (0.2.5)
    gem-release (2.2.1)
    guard (2.16.2)
      formatador (>= 0.2.4)
      listen (>= 2.7, < 4.0)
      lumberjack (>= 1.0.12, < 2.0)
      nenv (~> 0.1)
      notiffany (~> 0.0)
      pry (>= 0.9.12)
      shellany (~> 0.0)
      thor (>= 0.18.1)
    guard-compat (1.2.1)
    guard-rspec (4.7.3)
      guard (~> 2.1)
      guard-compat (~> 1.1)
      rspec (>= 2.99.0, < 4.0)
    hashdiff (1.0.1)
    hyperclient (0.9.3)
      addressable
      faraday (>= 0.9.0)
      faraday-digestauth (>= 0.3.0)
      faraday_hal_middleware
      faraday_middleware
      net-http-digest_auth
    i18n (1.8.7)
      concurrent-ruby (~> 1.0)
    listen (3.2.1)
      rb-fsevent (~> 0.10, >= 0.10.3)
      rb-inotify (~> 0.9, >= 0.9.10)
    lumberjack (1.2.8)
    method_source (1.0.0)
    minitest (5.14.2)
    multipart-post (2.1.1)
    nenv (0.3.0)
    net-http-digest_auth (1.4.1)
    netrc (0.11.0)
    notiffany (0.1.3)
      nenv (~> 0.1)
      shellany (~> 0.0)
    octokit (4.19.0)
      faraday (>= 0.9)
      sawyer (~> 0.8.0, >= 0.5.3)
    parallel (1.20.1)
    parser (3.0.0.0)
      ast (~> 2.4.1)
    pry (0.14.0)
      coderay (~> 1.1)
      method_source (~> 1.0)
    pry (0.14.0-java)
      coderay (~> 1.1)
      method_source (~> 1.0)
      spoon (~> 0.0)
    pry-doc (1.1.0)
      pry (~> 0.11)
      yard (~> 0.9.11)
    public_suffix (4.0.6)
    rainbow (3.0.0)
    rake (13.0.1)
    rb-fsevent (0.10.4)
    rb-inotify (0.10.1)
      ffi (~> 1.0)
    rbnacl (7.1.1)
      ffi
    regexp_parser (2.1.1)
    rexml (3.2.4)
    rspec (3.10.0)
      rspec-core (~> 3.10.0)
      rspec-expectations (~> 3.10.0)
      rspec-mocks (~> 3.10.0)
    rspec-core (3.10.1)
      rspec-support (~> 3.10.0)
    rspec-expectations (3.10.1)
      diff-lcs (>= 1.2.0, < 2.0)
      rspec-support (~> 3.10.0)
    rspec-its (1.3.0)
      rspec-core (>= 3.0.0)
      rspec-expectations (>= 3.0.0)
    rspec-mocks (3.10.2)
      diff-lcs (>= 1.2.0, < 2.0)
      rspec-support (~> 3.10.0)
    rspec-support (3.10.2)
    rubocop (1.11.0)
      parallel (~> 1.10)
      parser (>= 3.0.0.0)
      rainbow (>= 2.2.2, < 4.0)
      regexp_parser (>= 1.8, < 3.0)
      rexml
      rubocop-ast (>= 1.2.0, < 2.0)
      ruby-progressbar (~> 1.7)
      unicode-display_width (>= 1.4.0, < 3.0)
    rubocop-ast (1.4.1)
      parser (>= 2.7.1.5)
    rubocop-performance (1.10.1)
      rubocop (>= 0.90.0, < 2.0)
      rubocop-ast (>= 0.4.0)
    ruby-progressbar (1.11.0)
    ruby2_keywords (0.0.2)
    sawyer (0.8.2)
      addressable (>= 2.3.5)
      faraday (> 0.8, < 2.0)
    shellany (0.0.1)
    simplecov (0.21.2)
      docile (~> 1.1)
      simplecov-html (~> 0.11)
      simplecov_json_formatter (~> 0.1)
    simplecov-html (0.12.3)
    simplecov_json_formatter (0.1.2)
    spoon (0.0.6)
      ffi
    standard (1.0.1)
      rubocop (= 1.11.0)
      rubocop-performance (= 1.10.1)
    thor (1.1.0)
    thread_safe (0.3.6)
    thread_safe (0.3.6-java)
    toml-rb (2.0.1)
      citrus (~> 3.0, > 3.0)
    tzinfo (1.2.9)
      thread_safe (~> 0.1)
    unicode-display_width (2.0.0)
    vcr (6.0.0)
    webmock (3.12.1)
      addressable (>= 2.3.6)
      crack (>= 0.3.2)
      hashdiff (>= 0.4.0, < 2.0.0)
    xdr (3.0.2)
      activemodel (>= 4.2, < 7.0)
      activesupport (>= 4.2, < 7.0)
    yard (0.9.26)
    yard-junk (0.0.9)
      backports (>= 3.18)
      rainbow
      yard
    zeitwerk (2.4.2)

PLATFORMS
  java
  ruby

DEPENDENCIES
  amazing_print
  break
  bundler-audit
  codecov
  faraday
  faraday_middleware
  gem-release
  guard-rspec
  netrc
  octokit
  pry
  pry-doc
  rake
  rspec
  rspec-its
  simplecov (~> 0.21.2)
  simplecov_json_formatter
  standard (= 1.0.1)
  stellar-base!
  stellar-sdk!
  vcr
  webmock
  yard
  yard-junk

BUNDLED WITH
   2.1.4
