PATH
  remote: base
  specs:
    stellar-base (0.31.0)
      activesupport (>= 5.0.0, < 8.0)
      base32 (>= 0.3.0, < 1.0)
      digest-crc (>= 0.5.0, < 1.0)
      rbnacl (>= 6.0.0, < 8.0)
      xdr (>= 3.0.3, < 4.0)

PATH
  remote: horizon
  specs:
    stellar-horizon (0.31.0)
      excon (>= 0.71.0, < 1.0)
      faraday (>= 1.6.0, < 2.0)
      faraday_middleware (>= 1.1.0, < 2.0)
      hyperclient (>= 0.7.0, < 2.0)
      stellar-base (= 0.31.0)

PATH
  remote: sdk
  specs:
    stellar-sdk (0.31.0)
      activesupport (>= 5.0.0, < 8.0)
      faraday (>= 1.6.0, < 2.0)
      stellar-base (= 0.31.0)
      stellar-horizon (= 0.31.0)
      tomlrb (>= 2.0.1, < 3.0)

GEM
  remote: https://rubygems.org/
  specs:
    activemodel (6.1.4.6)
      activesupport (= 6.1.4.6)
    activesupport (6.1.4.6)
      concurrent-ruby (~> 1.0, >= 1.0.2)
      i18n (>= 1.6, < 2)
      minitest (>= 5.1)
      tzinfo (~> 2.0)
      zeitwerk (~> 2.3)
    addressable (2.8.0)
      public_suffix (>= 2.0.2, < 5.0)
    ast (2.4.2)
    awesome_print (1.9.2)
    backports (3.23.0)
    base32 (0.3.4)
    break (0.30.0)
    bundler-audit (0.9.0.1)
      bundler (>= 1.2.0, < 3)
      thor (~> 1.0)
    codecov (0.6.0)
      simplecov (>= 0.15, < 0.22)
    coderay (1.1.3)
    concurrent-ruby (1.1.9)
    crack (0.4.5)
      rexml
    diff-lcs (1.5.0)
    digest-crc (0.6.4)
      rake (>= 12.0.0, < 14.0.0)
    docile (1.4.0)
    excon (0.91.0)
    faraday (1.10.0)
      faraday-em_http (~> 1.0)
      faraday-em_synchrony (~> 1.0)
      faraday-excon (~> 1.1)
      faraday-httpclient (~> 1.0)
      faraday-multipart (~> 1.0)
      faraday-net_http (~> 1.0)
      faraday-net_http_persistent (~> 1.0)
      faraday-patron (~> 1.0)
      faraday-rack (~> 1.0)
      faraday-retry (~> 1.0)
      ruby2_keywords (>= 0.0.4)
    faraday-em_http (1.0.0)
    faraday-em_synchrony (1.0.0)
    faraday-excon (1.1.0)
    faraday-httpclient (1.0.1)
    faraday-multipart (1.0.3)
      multipart-post (>= 1.2, < 3)
    faraday-net_http (1.0.1)
    faraday-net_http_persistent (1.2.0)
    faraday-patron (1.0.0)
    faraday-rack (1.0.0)
    faraday-retry (1.0.3)
    faraday_hal_middleware (0.1.1)
      faraday_middleware (>= 0.9)
    faraday_middleware (1.2.0)
      faraday (~> 1.0)
    ffi (1.15.5)
    ffi (1.15.5-java)
    formatador (1.1.0)
    gem-release (2.2.2)
    guard (2.18.0)
      formatador (>= 0.2.4)
      listen (>= 2.7, < 4.0)
      lumberjack (>= 1.0.12, < 2.0)
      nenv (~> 0.1)
      notiffany (~> 0.0)
      pry (>= 0.13.0)
      shellany (~> 0.0)
      thor (>= 0.18.1)
    guard-compat (1.2.1)
    guard-rspec (4.7.3)
      guard (~> 2.1)
      guard-compat (~> 1.1)
      rspec (>= 2.99.0, < 4.0)
    hashdiff (1.0.1)
    hyperclient (1.0.1)
      addressable
      faraday (>= 0.9.0)
      faraday_hal_middleware
      faraday_middleware
    i18n (1.10.0)
      concurrent-ruby (~> 1.0)
    listen (3.7.1)
      rb-fsevent (~> 0.10, >= 0.10.3)
      rb-inotify (~> 0.9, >= 0.9.10)
    lumberjack (1.2.8)
    memoist (0.11.0)
    method_source (1.0.0)
    minitest (5.15.0)
    multipart-post (2.1.1)
    nenv (0.3.0)
    netrc (0.11.0)
    notiffany (0.1.3)
      nenv (~> 0.1)
      shellany (~> 0.0)
    octokit (4.22.0)
      faraday (>= 0.9)
      sawyer (~> 0.8.0, >= 0.5.3)
    parallel (1.22.1)
    parser (3.1.2.0)
      ast (~> 2.4.1)
    polyglot (0.3.5)
    pry (0.14.1)
      coderay (~> 1.1)
      method_source (~> 1.0)
    pry (0.14.1-java)
      coderay (~> 1.1)
      method_source (~> 1.0)
      spoon (~> 0.0)
    pry-doc (1.3.0)
      pry (~> 0.11)
      yard (~> 0.9.11)
    public_suffix (4.0.6)
    rainbow (3.1.1)
    rake (13.0.6)
    rb-fsevent (0.11.1)
    rb-inotify (0.10.1)
      ffi (~> 1.0)
    rbnacl (7.1.1)
      ffi
    regexp_parser (2.3.1)
    rexml (3.2.5)
    rspec (3.11.0)
      rspec-core (~> 3.11.0)
      rspec-expectations (~> 3.11.0)
      rspec-mocks (~> 3.11.0)
    rspec-core (3.11.0)
      rspec-support (~> 3.11.0)
    rspec-expectations (3.11.0)
      diff-lcs (>= 1.2.0, < 2.0)
      rspec-support (~> 3.11.0)
    rspec-its (1.3.0)
      rspec-core (>= 3.0.0)
      rspec-expectations (>= 3.0.0)
    rspec-mocks (3.11.0)
      diff-lcs (>= 1.2.0, < 2.0)
      rspec-support (~> 3.11.0)
    rspec-support (3.11.0)
    rubocop (1.28.2)
      parallel (~> 1.10)
      parser (>= 3.1.0.0)
      rainbow (>= 2.2.2, < 4.0)
      regexp_parser (>= 1.8, < 3.0)
      rexml
      rubocop-ast (>= 1.17.0, < 2.0)
      ruby-progressbar (~> 1.7)
      unicode-display_width (>= 1.4.0, < 3.0)
    rubocop-ast (1.17.0)
      parser (>= 3.1.1.0)
    rubocop-performance (1.13.3)
      rubocop (>= 1.7.0, < 2.0)
      rubocop-ast (>= 0.4.0)
    ruby-progressbar (1.11.0)
    ruby2_keywords (0.0.5)
    sawyer (0.8.2)
      addressable (>= 2.3.5)
      faraday (> 0.8, < 2.0)
    shellany (0.0.1)
    simplecov (0.21.2)
      docile (~> 1.1)
      simplecov-html (~> 0.11)
      simplecov_json_formatter (~> 0.1)
    simplecov-html (0.12.3)
    simplecov_json_formatter (0.1.4)
    slop (3.6.0)
    spoon (0.0.6)
      ffi
    standard (1.11.0)
      rubocop (= 1.28.2)
      rubocop-performance (= 1.13.3)
    thor (1.2.1)
    tomlrb (2.0.1)
    treetop (1.5.3)
      polyglot (~> 0.3)
    tzinfo (2.0.4)
      concurrent-ruby (~> 1.0)
    unicode-display_width (2.1.0)
    vcr (6.0.0)
    webmock (3.14.0)
      addressable (>= 2.8.0)
      crack (>= 0.3.2)
      hashdiff (>= 0.4.0, < 2.0.0)
    webrick (1.7.0)
    xdr (3.0.3)
      activemodel (>= 4.2, < 8.0)
      activesupport (>= 4.2, < 8.0)
    xdrgen (0.1.1)
      activesupport (~> 6)
      memoist (~> 0.11.0)
      slop (~> 3.4)
      treetop (~> 1.5.3)
    yard (0.9.27)
      webrick (~> 1.7.0)
    yard-junk (0.0.9)
      backports (>= 3.18)
      rainbow
      yard
    zeitwerk (2.5.4)

PLATFORMS
  java
  ruby

DEPENDENCIES
  awesome_print
  break
  bundler-audit
  codecov
  gem-release
  guard-rspec
  netrc
  octokit
  pry
  pry-doc
  rake
  rspec
  rspec-its
  simplecov
  standard
  stellar-base!
  stellar-horizon!
  stellar-sdk!
  vcr
  webmock
  xdrgen
  yard
  yard-junk

BUNDLED WITH
   2.3.5
